GEM
  remote: https://rubygems.org/
  specs:
    ashton (0.1.6)
      gosu (~> 0.7)
      opengl (~> 0.9.0)
    cri (2.1.0)
    faster_xml_simple (0.5.0)
      libxml-ruby (>= 0.3.8.4)
    gosu (0.8.6)
    httpclient (2.6.0.1)
    json (1.8.2)
    libxml-ruby (2.8.0)
    mini_portile (0.6.2)
    net-github-upload (0.0.8)
      faster_xml_simple
      httpclient
      json
      nokogiri (>= 1.4.0)
    nokogiri (1.6.5)
      mini_portile (~> 0.6.0)
    ocra (1.3.4)
    opengl (0.9.1)
    rake (0.9.2.2)
    releasy (0.2.2)
      cri (~> 2.1.0)
      net-github-upload (~> 0.0.8)
      ocra (~> 1.3.0)
      rake (~> 0.9.2.2)
      thor (~> 0.14.6)
    thor (0.14.6)

PLATFORMS
  ruby

DEPENDENCIES
  ashton
  gosu
  releasy
