GEM
  remote: https://rubygems.org/
  specs:
    ashton (0.1.6)
      gosu (~> 0.7)
      opengl (~> 0.9.0)
    gosu (0.8.6)
    opengl (0.9.1)

PLATFORMS
  ruby

DEPENDENCIES
  ashton
  gosu
